GEM
  remote: https://rubygems.org/
  specs:
    baku (0.2.6)
    coderay (1.1.2)
    gosu (0.14.5)
    method_source (0.8.2)
    obake (0.2.0)
    pry (0.10.4)
      coderay (~> 1.1.0)
      method_source (~> 0.8.1)
      slop (~> 3.4)
    require_all (1.4.0)
    slop (3.6.0)

PLATFORMS
  ruby
  x86_64-darwin-16
  x86_64-darwin-18

DEPENDENCIES
  baku (~> 0.2.4)
  gosu
  obake (~> 0.2.0)
  pry (~> 0.10.4)
  require_all (~> 1.4.0)

BUNDLED WITH
   2.0.2
